GEM
  remote: https://rubygems.org/
  specs:
    activesupport (7.1.3.2)
      base64
      bigdecimal
      concurrent-ruby (~> 1.0, >= 1.0.2)
      connection_pool (>= 2.2.5)
      drb
      i18n (>= 1.6, < 2)
      minitest (>= 5.1)
      mutex_m
      tzinfo (~> 2.0)
    addressable (2.8.6)
      public_suffix (>= 2.0.2, < 6.0)
    base64 (0.2.0)
    bigdecimal (3.1.7)
    colorator (1.1.0)
    concurrent-ruby (1.2.3)
    connection_pool (2.4.1)
    dnsruby (1.72.1)
      simpleidn (~> 0.2.1)
    drb (2.2.1)
    dry-core (1.0.1)
      concurrent-ruby (~> 1.0)
      zeitwerk (~> 2.6)
    dry-inflector (1.0.0)
    dry-logic (1.5.0)
      concurrent-ruby (~> 1.0)
      dry-core (~> 1.0, < 2)
      zeitwerk (~> 2.6)
    dry-struct (1.6.0)
      dry-core (~> 1.0, < 2)
      dry-types (>= 1.7, < 2)
      ice_nine (~> 0.11)
      zeitwerk (~> 2.6)
    dry-types (1.7.2)
      bigdecimal (~> 3.0)
      concurrent-ruby (~> 1.0)
      dry-core (~> 1.0)
      dry-inflector (~> 1.0)
      dry-logic (~> 1.4)
      zeitwerk (~> 2.6)
    em-websocket (0.5.3)
      eventmachine (>= 0.12.9)
      http_parser.rb (~> 0)
    eventmachine (1.2.7)
    faraday (2.9.0)
      faraday-net_http (>= 2.0, < 3.2)
    faraday-net_http (3.1.0)
      net-http
    ffi (1.16.3-x64-mingw-ucrt)
    forwardable-extended (2.6.0)
    google-protobuf (4.26.1-x64-mingw-ucrt)
      rake (>= 13)
    http_parser.rb (0.8.0)
    i18n (1.14.4)
      concurrent-ruby (~> 1.0)
    ice_nine (0.11.2)
    jekyll (4.3.3)
      addressable (~> 2.4)
      colorator (~> 1.0)
      em-websocket (~> 0.5)
      i18n (~> 1.0)
      jekyll-sass-converter (>= 2.0, < 4.0)
      jekyll-watch (~> 2.0)
      kramdown (~> 2.3, >= 2.3.1)
      kramdown-parser-gfm (~> 1.0)
      liquid (~> 4.0)
      mercenary (>= 0.3.6, < 0.5)
      pathutil (~> 0.9)
      rouge (>= 3.0, < 5.0)
      safe_yaml (~> 1.0)
      terminal-table (>= 1.8, < 4.0)
      webrick (~> 1.7)
    jekyll-feed (0.17.0)
      jekyll (>= 3.7, < 5.0)
    jekyll-gist (1.5.0)
      octokit (~> 4.2)
    jekyll-include-cache (0.2.1)
      jekyll (>= 3.7, < 5.0)
    jekyll-paginate (1.1.0)
    jekyll-sass-converter (3.0.0)
      sass-embedded (~> 1.54)
    jekyll-sitemap (1.4.0)
      jekyll (>= 3.7, < 5.0)
    jekyll-watch (2.2.1)
      listen (~> 3.0)
    kramdown (2.4.0)
      rexml
    kramdown-parser-gfm (1.1.0)
      kramdown (~> 2.0)
    liquid (4.0.4)
    listen (3.9.0)
      rb-fsevent (~> 0.10, >= 0.10.3)
      rb-inotify (~> 0.9, >= 0.9.10)
    mercenary (0.4.0)
    mermaid (0.0.1)
      dry-struct (~> 1.6)
      dry-types (~> 1.7)
      zeitwerk
    minimal-mistakes-jekyll (4.26.0)
      jekyll (>= 3.7, < 5.0)
      jekyll-feed (~> 0.1)
      jekyll-gist (~> 1.5)
      jekyll-include-cache (~> 0.1)
      jekyll-paginate (~> 1.1)
      jekyll-sitemap (~> 1.3)
    minitest (5.22.3)
    mutex_m (0.2.0)
    net-http (0.4.1)
      uri
    nokogiri (1.16.4-x64-mingw-ucrt)
      racc (~> 1.4)
    octokit (4.25.1)
      faraday (>= 1, < 3)
      sawyer (~> 0.9)
    pathutil (0.16.2)
      forwardable-extended (~> 2.6)
    public_suffix (5.0.5)
    racc (1.7.3)
    rake (13.2.1)
    rb-fsevent (0.11.2)
    rb-inotify (0.10.1)
      ffi (~> 1.0)
    rexml (3.2.6)
    rouge (4.2.1)
    safe_yaml (1.0.5)
    sass-embedded (1.76.0-x64-mingw-ucrt)
      google-protobuf (>= 3.25, < 5.0)
    sawyer (0.9.2)
      addressable (>= 2.3.5)
      faraday (>= 0.17.3, < 3)
    simpleidn (0.2.2)
      unf (~> 0.1.4)
    terminal-table (3.0.2)
      unicode-display_width (>= 1.1.1, < 3)
    tzinfo (2.0.6)
      concurrent-ruby (~> 1.0)
    unf (0.1.4)
      unf_ext
    unf_ext (0.0.9.1-x64-mingw-ucrt)
    unicode-display_width (2.5.0)
    uri (0.13.0)
    webrick (1.8.1)
    zeitwerk (2.6.13)

PLATFORMS
  x64-mingw-ucrt

DEPENDENCIES
  activesupport (~> 7.1)
  bigdecimal (~> 3.1)
  dnsruby (~> 1.72)
  drb (~> 2.2)
  faraday (~> 2.9)
  faraday-net_http (~> 3.1)
  i18n (~> 1.14)
  jekyll-include-cache (~> 0.2.1)
  listen (~> 3.9)
  mermaid (~> 0.0.1)
  minimal-mistakes-jekyll (~> 4.25)
  minitest (~> 5.22)
  net-http (~> 0.4.1)
  nokogiri (~> 1.16)
  public_suffix (~> 5.0)
  simpleidn (~> 0.2.2)
  uri (~> 0.13.0)
  webrick (~> 1.8)

BUNDLED WITH
   2.4.19
